GEM
  remote: https://rubygems.org/
  specs:
    aws-sdk (2.0.31)
      aws-sdk-resources (= 2.0.31)
    aws-sdk-core (2.0.31)
      builder (~> 3.0)
      jmespath (~> 1.0)
      multi_json (~> 1.0)
      multi_xml (~> 0.5)
    aws-sdk-resources (2.0.31)
      aws-sdk-core (= 2.0.31)
    builder (3.2.2)
    byebug (4.0.3)
      columnize (= 0.9.0)
    coderay (1.1.0)
    columnize (0.9.0)
    jmespath (1.0.2)
      multi_json (~> 1.0)
    method_source (0.8.2)
    multi_json (1.11.0)
    multi_xml (0.5.5)
    pry (0.10.1)
      coderay (~> 1.1.0)
      method_source (~> 0.8.1)
      slop (~> 3.4)
    rack (1.6.0)
    rack-test (0.6.3)
      rack (>= 1.0)
    ruby-prof (0.15.6)
    slop (3.6.0)

PLATFORMS
  ruby

DEPENDENCIES
  aws-sdk (~> 2)
  byebug
  pry
  rack-test
  ruby-prof
